GEM
  remote: https://rubygems.org/
  specs:
    avro (1.9.2)
      multi_json
    mocha (1.11.2)
    multi_json (1.14.1)
    nypl_log_formatter (0.1.3)
    power_assert (1.1.7)
    test-unit (3.3.5)
      power_assert

PLATFORMS
  ruby

DEPENDENCIES
  avro
  mocha
  nypl_log_formatter
  test-unit

RUBY VERSION
   ruby 2.5.0p0

BUNDLED WITH
   2.0.2
