GEM
  remote: https://rubygems.org/
  specs:
    avro (1.9.2)
      multi_json
    diff-lcs (1.3)
    json (2.3.0)
    multi_json (1.14.1)
    nypl_log_formatter (0.1.3)
    rspec (3.9.0)
      rspec-core (~> 3.9.0)
      rspec-expectations (~> 3.9.0)
      rspec-mocks (~> 3.9.0)
    rspec-core (3.9.1)
      rspec-support (~> 3.9.1)
    rspec-expectations (3.9.1)
      diff-lcs (>= 1.2.0, < 2.0)
      rspec-support (~> 3.9.0)
    rspec-mocks (3.9.1)
      diff-lcs (>= 1.2.0, < 2.0)
      rspec-support (~> 3.9.0)
    rspec-support (3.9.2)

PLATFORMS
  ruby

DEPENDENCIES
  avro
  json (~> 2.3)
  nypl_log_formatter
  rspec

RUBY VERSION
   ruby 2.5.0p0

BUNDLED WITH
   2.0.2
